GEM
  remote: https://rubygems.org/
  specs:
    minitest (5.14.2)
    rake (13.0.3)

PLATFORMS
  ruby

DEPENDENCIES
  minitest
  rake

BUNDLED WITH
   2.1.4
